PATH
  remote: .
  specs:
    stately (0.2.0)

GEM
  remote: http://rubygems.org/
  specs:
    diff-lcs (1.1.3)
    rake (10.0.4)
    redcarpet (2.2.2)
    rspec (2.11.0)
      rspec-core (~> 2.11.0)
      rspec-expectations (~> 2.11.0)
      rspec-mocks (~> 2.11.0)
    rspec-core (2.11.1)
    rspec-expectations (2.11.3)
      diff-lcs (~> 1.1.3)
    rspec-mocks (2.11.3)
    yard (0.8.3)

PLATFORMS
  ruby

DEPENDENCIES
  rake
  redcarpet (~> 2.2.2)
  rspec (~> 2.0)
  stately!
  yard (~> 0.8.3)
